GEM
  remote: https://rubygems.org/
  specs:
    thread_safe (0.3.5)
    tzinfo (1.2.2)
      thread_safe (~> 0.1)

PLATFORMS
  ruby

DEPENDENCIES
  tzinfo

BUNDLED WITH
   1.10.5
